GEM
  remote: https://gems.ruby-china.com/
  specs:
    addressable (2.7.0)
      public_suffix (>= 2.0.2, < 5.0)
    coderay (1.1.3)
    ipaddr (1.2.2)
    json (2.3.1)
    method_source (1.0.0)
    mmh3 (1.1.0)
    pry (0.13.1)
      coderay (~> 1.1)
      method_source (~> 1.0)
    public_suffix (4.0.7)
    rb-readline (0.5.5)

PLATFORMS
  x64-mingw-ucrt

DEPENDENCIES
  addressable (= 2.7.0)
  ipaddr (= 1.2.2)
  json (= 2.3.1)
  mmh3 (= 1.1.0)
  pry (= 0.13.1)
  rb-readline (= 0.5.5)

BUNDLED WITH
   2.4.13
